GEM
  remote: http://rubygems.org/
  specs:
    atom-tools (2.0.5)
    blogger (0.5.1)
      atom-tools (>= 2.0.1)
    rack (1.4.1)
    rack-protection (1.2.0)
      rack
    sinatra (1.3.3)
      rack (~> 1.3, >= 1.3.6)
      rack-protection (~> 1.2)
      tilt (~> 1.3, >= 1.3.3)
    tilt (1.3.3)

PLATFORMS
  ruby

DEPENDENCIES
  blogger
  sinatra
